GEM
  remote: https://rubygems.org/
  specs:
    aruba (2.3.0)
      bundler (>= 1.17, < 3.0)
      contracts (>= 0.16.0, < 0.18.0)
      cucumber (>= 8.0, < 10.0)
      rspec-expectations (~> 3.4)
      thor (~> 1.0)
    bigdecimal (3.1.9)
    builder (3.3.0)
    contracts (0.17.2)
    cucumber (9.2.0)
      builder (~> 3.2)
      cucumber-ci-environment (> 9, < 11)
      cucumber-core (> 13, < 14)
      cucumber-cucumber-expressions (~> 17.0)
      cucumber-gherkin (> 24, < 28)
      cucumber-html-formatter (> 20.3, < 22)
      cucumber-messages (> 19, < 25)
      diff-lcs (~> 1.5)
      mini_mime (~> 1.1)
      multi_test (~> 1.1)
      sys-uname (~> 1.2)
    cucumber-ci-environment (10.0.1)
    cucumber-core (13.0.3)
      cucumber-gherkin (>= 27, < 28)
      cucumber-messages (>= 20, < 23)
      cucumber-tag-expressions (> 5, < 7)
    cucumber-cucumber-expressions (17.1.0)
      bigdecimal
    cucumber-gherkin (27.0.0)
      cucumber-messages (>= 19.1.4, < 23)
    cucumber-html-formatter (21.7.0)
      cucumber-messages (> 19, < 27)
    cucumber-messages (22.0.0)
    cucumber-tag-expressions (6.1.1)
    diff-lcs (1.5.1)
    ffi (1.17.1-arm64-darwin)
    ffi (1.17.1-x86_64-linux-gnu)
    mini_mime (1.1.5)
    multi_test (1.1.0)
    rspec-expectations (3.13.3)
      diff-lcs (>= 1.2.0, < 2.0)
      rspec-support (~> 3.13.0)
    rspec-support (3.13.2)
    sys-uname (1.3.1)
      ffi (~> 1.1)
    thor (1.3.2)

PLATFORMS
  arm64-darwin-21
  arm64-darwin-22
  x86_64-linux

DEPENDENCIES
  aruba (~> 2.3.0)

BUNDLED WITH
   2.2.20
